GEM
  remote: http://rubygems.org/
  specs:
    RedCloth (4.3.2)
    addressable (2.7.0)
      public_suffix (>= 2.0.2, < 5.0)
    colorator (1.1.0)
    ffi (1.13.1)
    forwardable-extended (2.6.0)
    jekyll (3.6.3)
      addressable (~> 2.4)
      colorator (~> 1.0)
      jekyll-sass-converter (~> 1.0)
      jekyll-watch (~> 1.1)
      kramdown (~> 1.14)
      liquid (~> 4.0)
      mercenary (~> 0.3.3)
      pathutil (~> 0.9)
      rouge (>= 1.7, < 3)
      safe_yaml (~> 1.0)
    jekyll-sass-converter (1.5.2)
      sass (~> 3.4)
    jekyll-watch (1.5.1)
      listen (~> 3.0)
    kgio (2.7.4)
    kramdown (1.17.0)
    liquid (4.0.3)
    listen (3.2.1)
      rb-fsevent (~> 0.10, >= 0.10.3)
      rb-inotify (~> 0.9, >= 0.9.10)
    mercenary (0.3.6)
    pathutil (0.16.2)
      forwardable-extended (~> 2.6)
    public_suffix (4.0.5)
    rack (2.2.3)
    rack-contrib (2.2.0)
      rack (~> 2.0)
    rack-rewrite (1.2.1)
    raindrops (0.10.0)
    rb-fsevent (0.10.4)
    rb-inotify (0.10.1)
      ffi (~> 1.0)
    rdiscount (1.6.8)
    rouge (2.2.1)
    safe_yaml (1.0.5)
    sass (3.7.4)
      sass-listen (~> 4.0.0)
    sass-listen (4.0.0)
      rb-fsevent (~> 0.9, >= 0.9.4)
      rb-inotify (~> 0.9, >= 0.9.7)
    unicorn (4.3.1)
      kgio (~> 2.6)
      rack
      raindrops (~> 0.7)

PLATFORMS
  ruby

DEPENDENCIES
  RedCloth
  jekyll (~> 3.6.3)
  rack-contrib
  rack-rewrite
  rdiscount
  unicorn
